GEM
  remote: https://rubygems.org/
  specs:
    activemodel (6.1.7.1)
      activesupport (= 6.1.7.1)
    activemodel-serializers-xml (1.0.2)
      activemodel (> 5.x)
      activesupport (> 5.x)
      builder (~> 3.1)
    activeresource (5.1.1)
      activemodel (>= 5.0, < 7)
      activemodel-serializers-xml (~> 1.0)
      activesupport (>= 5.0, < 7)
    activesupport (6.1.7.1)
      concurrent-ruby (~> 1.0, >= 1.0.2)
      i18n (>= 1.6, < 2)
      minitest (>= 5.1)
      tzinfo (~> 2.0)
      zeitwerk (~> 2.3)
    ast (2.4.0)
    builder (3.2.4)
    concurrent-ruby (1.1.10)
    graphql (2.0.16)
    graphql-client (0.18.0)
      activesupport (>= 3.0)
      graphql
    i18n (1.12.0)
      concurrent-ruby (~> 1.0)
    jaro_winkler (1.5.4)
    minitest (5.17.0)
    parallel (1.19.1)
    parser (2.7.0.5)
      ast (~> 2.4.0)
    rack (2.2.3)
    rainbow (3.0.0)
    rexml (3.2.4)
    rubocop (0.80.1)
      jaro_winkler (~> 1.5.1)
      parallel (~> 1.10)
      parser (>= 2.7.0.1)
      rainbow (>= 2.2.2, < 4.0)
      rexml
      ruby-progressbar (~> 1.7)
      unicode-display_width (>= 1.4.0, < 1.7)
    ruby-progressbar (1.10.1)
    shopify_api (9.0.4)
      activeresource (>= 4.1.0, < 6.0.0)
      graphql-client
      rack
    tzinfo (2.0.5)
      concurrent-ruby (~> 1.0)
    unicode-display_width (1.6.1)
    zeitwerk (2.6.6)

PLATFORMS
  ruby

DEPENDENCIES
  rubocop
  shopify_api (~> 9.0.4)

BUNDLED WITH
   1.17.3
